PATH
  remote: .
  specs:
    taverna-t2flow (0.6.0)
      libxml-ruby (~> 2.7.0)
      mime-types (~> 2.3)
      rdf-turtle (~> 1.1.4)

GEM
  remote: https://rubygems.org/
  specs:
    coveralls (0.7.0)
      multi_json (~> 1.3)
      rest-client
      simplecov (>= 0.7)
      term-ansicolor
      thor
    docile (1.1.5)
    ebnf (0.3.6)
      haml (~> 4.0)
      rdf (~> 1.1)
      sxp (~> 0.1, >= 0.1.3)
    haml (4.0.5)
      tilt
    libxml-ruby (2.7.0)
    mime-types (2.3)
    minitest (5.3.5)
    multi_json (1.10.1)
    rake (10.3.2)
    rdf (1.1.4.1)
    rdf-turtle (1.1.4)
      ebnf (~> 0.3, >= 0.3.6)
      rdf (~> 1.1, >= 1.1.4)
    rest-client (1.6.7)
      mime-types (>= 1.16)
    simplecov (0.8.2)
      docile (~> 1.1.0)
      multi_json
      simplecov-html (~> 0.8.0)
    simplecov-html (0.8.0)
    sxp (0.1.5)
    term-ansicolor (1.3.0)
      tins (~> 1.0)
    thor (0.19.1)
    tilt (2.0.1)
    tins (1.3.0)

PLATFORMS
  ruby

DEPENDENCIES
  coveralls
  minitest (~> 5.3)
  rake
  taverna-t2flow!
