PATH
  remote: .
  specs:
    taverna-t2flow (0.6.0.pre.SNAPSHOT)
      libxml-ruby (~> 2.7.0)
      mime-types (~> 2.3)
      rdf-turtle (~> 1.1.4)

GEM
  remote: https://rubygems.org/
  specs:
    ast (2.0.0)
    coveralls (0.7.0)
      multi_json (~> 1.3)
      rest-client
      simplecov (>= 0.7)
      term-ansicolor
      thor
    docile (1.1.5)
    ebnf (0.3.6)
      haml (~> 4.0)
      rdf (~> 1.1)
      sxp (~> 0.1, >= 0.1.3)
    haml (4.0.5)
      tilt
    json (1.8.1)
    libxml-ruby (2.7.0)
    mime-types (2.3)
    minitest (5.3.5)
    multi_json (1.10.1)
    parser (2.2.0.pre.2)
      ast (>= 1.1, < 3.0)
      slop (~> 3.4, >= 3.4.5)
    powerpack (0.0.9)
    rainbow (2.0.0)
    rake (10.3.2)
    rdf (1.1.4.1)
    rdf-turtle (1.1.4)
      ebnf (~> 0.3, >= 0.3.6)
      rdf (~> 1.1, >= 1.1.4)
    rest-client (1.6.7)
      mime-types (>= 1.16)
    rubocop (0.24.0)
      json (>= 1.7.7, < 2)
      parser (>= 2.2.0.pre.2, < 3.0)
      powerpack (~> 0.0.6)
      rainbow (>= 1.99.1, < 3.0)
      ruby-progressbar (~> 1.4)
    ruby-progressbar (1.5.1)
    simplecov (0.8.2)
      docile (~> 1.1.0)
      multi_json
      simplecov-html (~> 0.8.0)
    simplecov-html (0.8.0)
    slop (3.5.0)
    sxp (0.1.5)
    term-ansicolor (1.3.0)
      tins (~> 1.0)
    thor (0.19.1)
    tilt (2.0.1)
    tins (1.3.0)

PLATFORMS
  ruby

DEPENDENCIES
  coveralls
  minitest (~> 5.3)
  rake
  rubocop (~> 0.24.0)
  taverna-t2flow!
