PATH
  remote: .
  specs:
    taverna-t2flow (0.6.0)
      libxml-ruby (>= 1.1.4)

GEM
  remote: https://rubygems.org/
  specs:
    json (1.8.1)
    libxml-ruby (2.7.0)
    rake (10.3.2)
    rdoc (4.1.1)
      json (~> 1.4)

PLATFORMS
  ruby

DEPENDENCIES
  rake
  rdoc (>= 3.9.4)
  taverna-t2flow!
